GEM
  remote: https://rubygems.org/
  specs:
    coderay (1.1.3)
    method_source (1.0.0)
    minitest (5.19.0)
    mocha (2.1.0)
      ruby2_keywords (>= 0.0.5)
    pry (0.14.2)
      coderay (~> 1.1)
      method_source (~> 1.0)
    pry-nav (1.0.0)
      pry (>= 0.9.10, < 0.15)
    rack (3.0.8)
    rack-test (2.1.0)
      rack (>= 1.3)
    rake (13.0.6)
    ruby2_keywords (0.0.5)

PLATFORMS
  ruby

DEPENDENCIES
  minitest
  mocha
  pry
  pry-nav
  rack-test
  rake

RUBY VERSION
   ruby 2.7.7p221

BUNDLED WITH
   2.1.4
