GEM
  remote: https://rubygems.org/
  specs:
    coderay (1.1.3)
    method_source (1.1.0)
    minitest (5.25.5)
    mocha (2.7.1)
      ruby2_keywords (>= 0.0.5)
    pry (0.14.2)
      coderay (~> 1.1)
      method_source (~> 1.0)
    pry-nav (1.0.0)
      pry (>= 0.9.10, < 0.15)
    rack (3.2.1)
    rack-test (2.2.0)
      rack (>= 1.3)
    rake (13.3.0)
    ruby2_keywords (0.0.5)

PLATFORMS
  arm64-darwin-22
  ruby

DEPENDENCIES
  minitest
  mocha
  pry
  pry-nav
  rack-test
  rake

RUBY VERSION
   ruby 3.4.2p28

BUNDLED WITH
   2.6.9
